GEM
  remote: https://rubygems.org/
  specs:
    dry-cli (1.0.0)

PLATFORMS
  arm64-darwin-23
  ruby

DEPENDENCIES
  dry-cli (~> 1.0)

BUNDLED WITH
   2.5.11
